GEM
  remote: https://rubygems.org/
  specs:
    haml (5.1.2)
      temple (>= 0.8.0)
      tilt
    temple (0.8.1)
    tilt (2.0.9)
    yen (0.0.2)

PLATFORMS
  ruby

DEPENDENCIES
  haml
  yen

BUNDLED WITH
   1.17.2
